GEM
  specs:
    did_you_mean (1.1.0)
    minitest (5.10.1)

PLATFORMS
  ruby

DEPENDENCIES
  bundler (~> 1.14, >= 1.14.3)
  did_you_mean (~> 1.1)
  minitest (~> 5.10, >= 5.10.1)

BUNDLED WITH
   1.14.3
